GEM
  remote: http://rubygems.org/
  specs:
    addressable (2.2.5)
    columnize (0.3.2)
    daemons (1.1.2)
    dalli (1.0.3)
    diff-lcs (1.1.2)
    em-http-request (0.3.0)
      addressable (>= 2.0.0)
      escape_utils
      eventmachine (>= 0.12.9)
    escape_utils (0.2.3)
    eventmachine (0.12.10)
    faye (0.5.5)
      em-http-request (>= 0.2)
      eventmachine (>= 0.12)
      json (>= 1.0)
      rack (>= 1.0)
      thin (>= 1.2)
    json (1.5.1)
    linecache (0.43)
    rack (1.2.2)
    rack-test (0.5.7)
      rack (>= 1.0)
    rspec (2.5.0)
      rspec-core (~> 2.5.0)
      rspec-expectations (~> 2.5.0)
      rspec-mocks (~> 2.5.0)
    rspec-core (2.5.1)
    rspec-expectations (2.5.0)
      diff-lcs (~> 1.1.2)
    rspec-mocks (2.5.0)
    ruby-debug (0.10.4)
      columnize (>= 0.1)
      ruby-debug-base (~> 0.10.4.0)
    ruby-debug-base (0.10.4)
      linecache (>= 0.3)
    settingslogic (2.0.6)
    sinatra (1.2.2)
      rack (~> 1.1)
      tilt (>= 1.2.2, < 2.0)
    thin (1.2.11)
      daemons (>= 1.0.9)
      eventmachine (>= 0.12.6)
      rack (>= 1.0.0)
    tilt (1.2.2)

PLATFORMS
  ruby

DEPENDENCIES
  dalli
  faye
  rack
  rack-test
  rspec
  ruby-debug
  settingslogic
  sinatra
  thin
